
NUGET
  remote: https://api.nuget.org/v3/index.json
    dotnet-xunit (2.3.1) - clitool: true
      Microsoft.NETCore.App (>= 1.0) - restriction: >= netcoreapp1.0
    Libuv (1.10) - restriction: || (&& (>= netcoreapp1.0) (< netcoreapp1.1)) (&& (>= netcoreapp1.1) (< netcoreapp2.0))
      Microsoft.NETCore.Platforms (>= 1.0.1) - restriction: >= netstandard1.0
    Microsoft.CodeAnalysis.Analyzers (1.1) - restriction: || (&& (>= netcoreapp1.0) (< netcoreapp1.1)) (&& (>= netcoreapp1.1) (< netcoreapp2.0))
    Microsoft.CodeAnalysis.Common (2.6.1) - restriction: || (&& (>= netcoreapp1.0) (< netcoreapp1.1)) (&& (>= netcoreapp1.1) (< netcoreapp2.0))
      Microsoft.CodeAnalysis.Analyzers (>= 1.1) - restriction: >= netstandard1.3
      System.AppContext (>= 4.3) - restriction: >= netstandard1.3
      System.Collections (>= 4.3) - restriction: >= netstandard1.3
      System.Collections.Concurrent (>= 4.3) - restriction: >= netstandard1.3
      System.Collections.Immutable (>= 1.3.1) - restriction: >= netstandard1.3
      System.Console (>= 4.3) - restriction: >= netstandard1.3
      System.Diagnostics.Debug (>= 4.3) - restriction: >= netstandard1.3
      System.Diagnostics.FileVersionInfo (>= 4.3) - restriction: >= netstandard1.3
      System.Diagnostics.StackTrace (>= 4.3) - restriction: >= netstandard1.3
      System.Diagnostics.Tools (>= 4.3) - restriction: >= netstandard1.3
      System.Dynamic.Runtime (>= 4.3) - restriction: >= netstandard1.3
      System.Globalization (>= 4.3) - restriction: >= netstandard1.3
      System.IO.Compression (>= 4.3) - restriction: >= netstandard1.3
      System.IO.FileSystem (>= 4.3) - restriction: >= netstandard1.3
      System.IO.FileSystem.Primitives (>= 4.3) - restriction: >= netstandard1.3
      System.Linq (>= 4.3) - restriction: >= netstandard1.3
      System.Linq.Expressions (>= 4.3) - restriction: >= netstandard1.3
      System.Reflection (>= 4.3) - restriction: >= netstandard1.3
      System.Reflection.Metadata (>= 1.4.2) - restriction: >= netstandard1.3
      System.Resources.ResourceManager (>= 4.3) - restriction: >= netstandard1.3
      System.Runtime (>= 4.3) - restriction: >= netstandard1.3
      System.Runtime.Extensions (>= 4.3) - restriction: >= netstandard1.3
      System.Runtime.InteropServices (>= 4.3) - restriction: >= netstandard1.3
      System.Runtime.Numerics (>= 4.3) - restriction: >= netstandard1.3
      System.Security.Cryptography.Algorithms (>= 4.3) - restriction: >= netstandard1.3
      System.Security.Cryptography.Encoding (>= 4.3) - restriction: >= netstandard1.3
      System.Security.Cryptography.X509Certificates (>= 4.3) - restriction: >= netstandard1.3
      System.Text.Encoding (>= 4.3) - restriction: >= netstandard1.3
      System.Text.Encoding.CodePages (>= 4.3) - restriction: >= netstandard1.3
      System.Text.Encoding.Extensions (>= 4.3) - restriction: >= netstandard1.3
      System.Threading (>= 4.3) - restriction: >= netstandard1.3
      System.Threading.Tasks (>= 4.3) - restriction: >= netstandard1.3
      System.Threading.Tasks.Parallel (>= 4.3) - restriction: >= netstandard1.3
      System.Threading.Thread (>= 4.3) - restriction: >= netstandard1.3
      System.ValueTuple (>= 4.3) - restriction: >= netstandard1.3
      System.Xml.ReaderWriter (>= 4.3) - restriction: >= netstandard1.3
      System.Xml.XDocument (>= 4.3) - restriction: >= netstandard1.3
      System.Xml.XmlDocument (>= 4.3) - restriction: >= netstandard1.3
      System.Xml.XPath.XDocument (>= 4.3) - restriction: >= netstandard1.3
    Microsoft.CodeAnalysis.CSharp (2.6.1) - restriction: || (&& (>= netcoreapp1.0) (< netcoreapp1.1)) (&& (>= netcoreapp1.1) (< netcoreapp2.0))
      Microsoft.CodeAnalysis.Common (2.6.1)
    Microsoft.CodeAnalysis.VisualBasic (2.6.1) - restriction: || (&& (>= netcoreapp1.0) (< netcoreapp1.1)) (&& (>= netcoreapp1.1) (< netcoreapp2.0))
      Microsoft.CodeAnalysis.Common (>= 2.6.1)
    Microsoft.CodeCoverage (1.0.3)
    Microsoft.CSharp (4.4.1) - restriction: || (>= netcoreapp1.0) (&& (>= netcoreapp1.1) (< netcoreapp2.0)) (>= uap10.0)
      NETStandard.Library (>= 1.6.1) - restriction: || (>= dnxcore50) (&& (< monoandroid) (< net45) (>= netstandard1.0) (< netstandard1.3) (< win8) (< wp8) (< wpa81)) (&& (< monotouch) (< net45) (>= netstandard1.3) (< netstandard2.0) (< win8) (< wpa81) (< xamarinios) (< xamarinmac) (< xamarintvos) (< xamarinwatchos))
      System.Dynamic.Runtime (>= 4.3) - restriction: || (>= dnxcore50) (&& (< monoandroid) (< net45) (>= netstandard1.0) (< netstandard1.3) (< win8) (< wp8) (< wpa81)) (&& (< monotouch) (< net45) (>= netstandard1.3) (< netstandard2.0) (< win8) (< wpa81) (< xamarinios) (< xamarinmac) (< xamarintvos) (< xamarinwatchos))
      System.Reflection.TypeExtensions (>= 4.4) - restriction: || (>= dnxcore50) (&& (< monotouch) (< net45) (>= netstandard1.3) (< netstandard2.0) (< win8) (< wpa81) (< xamarinios) (< xamarinmac) (< xamarintvos) (< xamarinwatchos))
    Microsoft.DiaSymReader.Native (1.7) - restriction: && (>= netcoreapp1.1) (< netcoreapp2.0)
    Microsoft.DotNet.PlatformAbstractions (2.0.4) - restriction: >= netcoreapp1.0
      System.AppContext (>= 4.1) - restriction: && (< net45) (>= netstandard1.3)
      System.Collections (>= 4.0.11) - restriction: && (< net45) (>= netstandard1.3)
      System.IO (>= 4.1) - restriction: && (< net45) (>= netstandard1.3)
      System.IO.FileSystem (>= 4.0.1) - restriction: && (< net45) (>= netstandard1.3)
      System.Reflection.TypeExtensions (>= 4.1) - restriction: && (< net45) (>= netstandard1.3)
      System.Runtime.Extensions (>= 4.1) - restriction: && (< net45) (>= netstandard1.3)
      System.Runtime.InteropServices (>= 4.1) - restriction: && (< net45) (>= netstandard1.3)
      System.Runtime.InteropServices.RuntimeInformation (>= 4.0) - restriction: && (< net45) (>= netstandard1.3)
    Microsoft.Extensions.DependencyModel (2.0.4) - restriction: >= netcoreapp1.0
      Microsoft.DotNet.PlatformAbstractions (>= 2.0.4) - restriction: || (>= net451) (>= netstandard1.3)
      Newtonsoft.Json (>= 9.0.1) - restriction: || (>= net451) (>= netstandard1.3)
      System.Diagnostics.Debug (>= 4.0.11) - restriction: || (&& (< net451) (>= netstandard1.3) (< netstandard1.6)) (&& (< net451) (>= netstandard1.6))
      System.Dynamic.Runtime (>= 4.0.11) - restriction: || (&& (< net451) (>= netstandard1.3) (< netstandard1.6)) (&& (< net451) (>= netstandard1.6))
      System.Linq (>= 4.1) - restriction: || (&& (< net451) (>= netstandard1.3) (< netstandard1.6)) (&& (< net451) (>= netstandard1.6))
    Microsoft.NET.Test.Sdk (15.5)
      Microsoft.CodeCoverage (>= 1.0.3)
      Microsoft.TestPlatform.TestHost (>= 15.5)
    Microsoft.NETCore.App (2.0.4) - restriction: >= netcoreapp1.0
      Libuv (>= 1.9.2) - restriction: || (&& (>= netcoreapp1.0) (< netcoreapp1.1)) (&& (>= netcoreapp1.1) (< netcoreapp2.0))
      Microsoft.CodeAnalysis.CSharp (>= 1.3) - restriction: || (&& (>= netcoreapp1.0) (< netcoreapp1.1)) (&& (>= netcoreapp1.1) (< netcoreapp2.0))
      Microsoft.CodeAnalysis.VisualBasic (>= 1.3) - restriction: || (&& (>= netcoreapp1.0) (< netcoreapp1.1)) (&& (>= netcoreapp1.1) (< netcoreapp2.0))
      Microsoft.CSharp (>= 4.0.1) - restriction: && (>= netcoreapp1.0) (< netcoreapp1.1)
      Microsoft.CSharp (>= 4.3) - restriction: && (>= netcoreapp1.1) (< netcoreapp2.0)
      Microsoft.DiaSymReader.Native (>= 1.4.1) - restriction: && (>= netcoreapp1.1) (< netcoreapp2.0)
      Microsoft.NETCore.DotNetHostPolicy (>= 1.0.8) - restriction: && (>= netcoreapp1.0) (< netcoreapp1.1)
      Microsoft.NETCore.DotNetHostPolicy (>= 1.1.5) - restriction: && (>= netcoreapp1.1) (< netcoreapp2.0)
      Microsoft.NETCore.DotNetHostPolicy (>= 2.0.4) - restriction: >= netcoreapp2.0
      Microsoft.NETCore.Platforms (>= 1.0.2) - restriction: && (>= netcoreapp1.0) (< netcoreapp1.1)
      Microsoft.NETCore.Platforms (>= 2.0.1) - restriction: >= netcoreapp2.0
      Microsoft.NETCore.Runtime.CoreCLR (>= 1.0.10) - restriction: && (>= netcoreapp1.0) (< netcoreapp1.1)
      Microsoft.NETCore.Runtime.CoreCLR (>= 1.1.5) - restriction: && (>= netcoreapp1.1) (< netcoreapp2.0)
      Microsoft.NETCore.Targets (>= 1.1.2) - restriction: && (>= netcoreapp1.1) (< netcoreapp2.0)
      Microsoft.VisualBasic (>= 10.0.1) - restriction: && (>= netcoreapp1.0) (< netcoreapp1.1)
      Microsoft.VisualBasic (>= 10.1) - restriction: && (>= netcoreapp1.1) (< netcoreapp2.0)
      NETStandard.Library (>= 1.6) - restriction: && (>= netcoreapp1.0) (< netcoreapp1.1)
      NETStandard.Library (>= 1.6.1) - restriction: && (>= netcoreapp1.1) (< netcoreapp2.0)
      NETStandard.Library (>= 2.0.1) - restriction: >= netcoreapp2.0
      runtime.native.System.IO.Compression (>= 4.3.1) - restriction: && (>= netcoreapp1.1) (< netcoreapp2.0)
      runtime.native.System.Security.Cryptography (>= 4.0.3) - restriction: && (>= netcoreapp1.0) (< netcoreapp1.1)
      runtime.native.System.Security.Cryptography (>= 4.3.3) - restriction: && (>= netcoreapp1.1) (< netcoreapp2.0)
      runtime.native.System.Security.Cryptography.Apple (>= 4.3.1) - restriction: && (>= netcoreapp1.1) (< netcoreapp2.0)
      runtime.native.System.Security.Cryptography.OpenSsl (>= 4.3.2) - restriction: && (>= netcoreapp1.1) (< netcoreapp2.0)
      System.Buffers (>= 4.0) - restriction: && (>= netcoreapp1.0) (< netcoreapp1.1)
      System.Buffers (>= 4.3) - restriction: && (>= netcoreapp1.1) (< netcoreapp2.0)
      System.Collections.Immutable (>= 1.2) - restriction: && (>= netcoreapp1.0) (< netcoreapp1.1)
      System.Collections.Immutable (>= 1.3) - restriction: && (>= netcoreapp1.1) (< netcoreapp2.0)
      System.ComponentModel (>= 4.0.1) - restriction: && (>= netcoreapp1.0) (< netcoreapp1.1)
      System.ComponentModel (>= 4.3) - restriction: && (>= netcoreapp1.1) (< netcoreapp2.0)
      System.ComponentModel.Annotations (>= 4.1) - restriction: && (>= netcoreapp1.0) (< netcoreapp1.1)
      System.ComponentModel.Annotations (>= 4.3) - restriction: && (>= netcoreapp1.1) (< netcoreapp2.0)
      System.Diagnostics.DiagnosticSource (>= 4.0) - restriction: && (>= netcoreapp1.0) (< netcoreapp1.1)
      System.Diagnostics.DiagnosticSource (>= 4.3.1) - restriction: && (>= netcoreapp1.1) (< netcoreapp2.0)
      System.Diagnostics.Process (>= 4.1) - restriction: && (>= netcoreapp1.0) (< netcoreapp1.1)