
NUGET
  remote: https://api.nuget.org/v3/index.json
    dotnet-xunit (2.3.1) - clitool: true
      Microsoft.NETCore.App (>= 1.0) - restriction: >= netcoreapp1.0
    Libuv (1.10) - restriction: || (&& (>= netcoreapp1.0) (< netcoreapp1.1)) (&& (>= netcoreapp1.1) (< netcoreapp2.0))
      Microsoft.NETCore.Platforms (>= 1.0.1) - restriction: >= netstandard1.0
    Microsoft.CodeAnalysis.Analyzers (1.1) - restriction: || (&& (>= netcoreapp1.0) (< netcoreapp1.1)) (&& (>= netcoreapp1.1) (< netcoreapp2.0))
    Microsoft.CodeAnalysis.Common (2.6.1) - restriction: || (&& (>= netcoreapp1.0) (< netcoreapp1.1)) (&& (>= netcoreapp1.1) (< netcoreapp2.0))
      Microsoft.CodeAnalysis.Analyzers (>= 1.1) - restriction: >= netstandard1.3
      System.AppContext (>= 4.3) - restriction: >= netstandard1.3
      System.Collections (>= 4.3) - restriction: >= netstandard1.3
      System.Collections.Concurrent (>= 4.3) - restriction: >= netstandard1.3
      System.Collections.Immutable (>= 1.3.1) - restriction: >= netstandard1.3
      System.Console (>= 4.3) - restriction: >= netstandard1.3
      System.Diagnostics.Debug (>= 4.3) - restriction: >= netstandard1.3
      System.Diagnostics.FileVersionInfo (>= 4.3) - restriction: >= netstandard1.3
      System.Diagnostics.StackTrace (>= 4.3) - restriction: >= netstandard1.3
      System.Diagnostics.Tools (>= 4.3) - restriction: >= netstandard1.3
      System.Dynamic.Runtime (>= 4.3) - restriction: >= netstandard1.3
      System.Globalization (>= 4.3) - restriction: >= netstandard1.3
      System.IO.Compression (>= 4.3) - restriction: >= netstandard1.3
      System.IO.FileSystem (>= 4.3) - restriction: >= netstandard1.3
      System.IO.FileSystem.Primitives (>= 4.3) - restriction: >= netstandard1.3
      System.Linq (>= 4.3) - restriction: >= netstandard1.3
      System.Linq.Expressions (>= 4.3) - restriction: >= netstandard1.3
      System.Reflection (>= 4.3) - restriction: >= netstandard1.3
      System.Reflection.Metadata (>= 1.4.2) - restriction: >= netstandard1.3
      System.Resources.ResourceManager (>= 4.3) - restriction: >= netstandard1.3
      System.Runtime (>= 4.3) - restriction: >= netstandard1.3
      System.Runtime.Extensions (>= 4.3) - restriction: >= netstandard1.3
      System.Runtime.InteropServices (>= 4.3) - restriction: >= netstandard1.3
      System.Runtime.Numerics (>= 4.3) - restriction: >= netstandard1.3
      System.Security.Cryptography.Algorithms (>= 4.3) - restriction: >= netstandard1.3
      System.Security.Cryptography.Encoding (>= 4.3) - restriction: >= netstandard1.3
      System.Security.Cryptography.X509Certificates (>= 4.3) - restriction: >= netstandard1.3
      System.Text.Encoding (>= 4.3) - restriction: >= netstandard1.3
      System.Text.Encoding.CodePages (>= 4.3) - restriction: >= netstandard1.3
      System.Text.Encoding.Extensions (>= 4.3) - restriction: >= netstandard1.3
      System.Threading (>= 4.3) - restriction: >= netstandard1.3
      System.Threading.Tasks (>= 4.3) - restriction: >= netstandard1.3
      System.Threading.Tasks.Parallel (>= 4.3) - restriction: >= netstandard1.3
      System.Threading.Thread (>= 4.3) - restriction: >= netstandard1.3
      System.ValueTuple (>= 4.3) - restriction: >= netstandard1.3
      System.Xml.ReaderWriter (>= 4.3) - restriction: >= netstandard1.3
      System.Xml.XDocument (>= 4.3) - restriction: >= netstandard1.3
      System.Xml.XmlDocument (>= 4.3) - restriction: >= netstandard1.3
      System.Xml.XPath.XDocument (>= 4.3) - restriction: >= netstandard1.3
    Microsoft.CodeAnalysis.CSharp (2.6.1) - restriction: || (&& (>= netcoreapp1.0) (< netcoreapp1.1)) (&& (>= netcoreapp1.1) (< netcoreapp2.0))
      Microsoft.CodeAnalysis.Common (2.6.1)
    Microsoft.CodeAnalysis.VisualBasic (2.6.1) - restriction: || (&& (>= netcoreapp1.0) (< netcoreapp1.1)) (&& (>= netcoreapp1.1) (< netcoreapp2.0))
      Microsoft.CodeAnalysis.Common (>= 2.6.1)
    Microsoft.CodeCoverage (1.0.3)
    Microsoft.CSharp (4.4.1) - restriction: || (>= netcoreapp1.0) (&& (>= netcoreapp1.1) (< netcoreapp2.0)) (>= uap10.0)
      NETStandard.Library (>= 1.6.1) - restriction: || (>= dnxcore50) (&& (< monoandroid) (< net45) (>= netstandard1.0) (< netstandard1.3) (< win8) (< wp8) (< wpa81)) (&& (< monotouch) (< net45) (>= netstandard1.3) (< netstandard2.0) (< win8) (< wpa81) (< xamarinios) (< xamarinmac) (< xamarintvos) (< xamarinwatchos))